PATH
  remote: .
  specs:
    dude (0.0.4)

GEM
  remote: https://rubygems.org/
  specs:
    minitest (4.6.2)
    rake (10.0.3)

PLATFORMS
  ruby

DEPENDENCIES
  bundler (~> 1.3)
  dude!
  minitest
  rake
